PATH
  remote: .
  specs:
    poly_json (0.1.0)

GEM
  remote: https://rubygems.org/
  specs:
    minitest (5.15.0)
    racc (1.6.0)
    rake (13.0.6)

PLATFORMS
  ruby

DEPENDENCIES
  minitest (~> 5.15)
  poly_json!
  racc (~> 1.6)
  rake (~> 13.0)

BUNDLED WITH
   2.2.22
